GIT
  remote: https://github.com/JayBoyer/capistrano
  revision: 796c04d6723fc45887f7f82528574247c0f70ffd
  branch: snhd
  specs:
    capistrano (2.5.21)
      highline
      net-scp (>= 1.0.0)
      net-sftp (>= 2.0.0)
      net-ssh (>= 2.0.14)
      net-ssh-gateway (>= 1.0.0)

GIT
  remote: https://github.com/JayBoyer/haml
  revision: 992edfbf8c8b797e71d60748144f7d74845b2523
  branch: snhd
  specs:
    haml (2.0.7)

GIT
  remote: https://github.com/smartinez87/exception_notification.git
  revision: eb9d723f07ab9d6629678dfbcf466544e7d696bf
  branch: 2-3-stable
  specs:
    exception_notification (2.3.3.0)

GEM
  remote: http://gems.github.com/
  remote: http://rubygems.org/
  specs:
    actionmailer_csi (2.3.5.p8)
      actionpack_csi (= 2.3.5.p8)
    actionpack_csi (2.3.5.p8)
      activesupport_csi (= 2.3.5.p8)
      rack (~> 1.0.0)
    activerecord-jdbc-adapter (1.0.1-java)
    activerecord-jdbcpostgresql-adapter (1.0.1-java)
      activerecord-jdbc-adapter (= 1.0.1)
      jdbc-postgres (>= 8.4.702)
    activerecord_csi (2.3.5.p8)
      activesupport_csi (= 2.3.5.p8)
    activeresource_csi (2.3.5.p8)
      activesupport_csi (= 2.3.5.p8)
    activesupport_csi (2.3.5.p8)
    bouncy-castle-java (1.5.0147)
    builder (3.2.2)
    capistrano-ext (1.2.1)
      capistrano (>= 1.0.0)
    cgi_multipart_eof_fix (2.5.0)
    childprocess (0.3.9)
      ffi (~> 1.0, >= 1.0.11)
    ci_reporter (1.6.2)
      builder (>= 2.1.2)
    columnize (0.8.9)
    cucumber (0.6.3)
      builder (>= 2.1.2)
      diff-lcs (>= 1.1.2)
      json_pure (>= 1.2.0)
      polyglot (>= 0.2.9)
      term-ansicolor (>= 1.0.4)
      treetop (>= 1.4.2)
    cucumber-rails (0.3.0)
      cucumber (>= 0.6.2)
    custom_error_message (1.1.1)
    daemons (1.1.9)
    database_cleaner (0.5.2)
    diff-lcs (1.2.5)
    factory_girl (1.3.2)
    faker (0.3.1)
    fastthread (1.0.7)
    ffi (1.9.0)
    ffi (1.9.0-java)
    gem_plugin (0.2.3)
    highline (1.6.21)
    hirb (0.3.4)
    jdbc-postgres (9.0.801)
    jruby-jars (1.7.12)
    jruby-openssl (0.9.4)
      bouncy-castle-java (>= 1.5.0147)
    jruby-rack (1.1.14)
    json_pure (1.8.1)
    linecache (0.46)
      rbx-require-relative (> 0.0.4)
    little-plugger (1.1.3)
    logging (1.8.1)
      little-plugger (>= 1.1.3)
      multi_json (>= 1.3.6)
    mechanize (1.0.0)
      nokogiri (>= 1.2.1)
    mislav-will_paginate (2.3.11)
    mocha (0.9.8)
      rake
    mongrel (1.1.5)
      cgi_multipart_eof_fix (>= 2.4)
      daemons (>= 1.0.3)
      fastthread (>= 1.0.1)
      gem_plugin (>= 0.2.3)
    mongrel (1.1.5-java)
      gem_plugin (>= 0.2.3)
    multi_json (1.7.7)
    net-ldap (0.0.5)
    net-scp (1.2.1)
      net-ssh (>= 2.6.5)
    net-sftp (2.1.2)
      net-ssh (>= 2.6.5)
    net-ssh (2.9.1)
    net-ssh-gateway (1.2.0)
      net-ssh (>= 2.6.5)
    newrelic_rpm (3.6.6.147)
    nokogiri (1.5.5)
    nokogiri (1.5.5-java)
    parallel (1.0.0)
    parallel_tests (0.7.2)
      parallel
    pdf-forms (0.5.5)
    polyglot (0.3.4)
    rack (1.0.1)
    rack-test (0.6.2)
      rack (>= 1.0)
    rails_csi (2.3.5.p8)
      actionmailer_csi (= 2.3.5.p8)
      actionpack_csi (= 2.3.5.p8)
      activerecord_csi (= 2.3.5.p8)
      activeresource_csi (= 2.3.5.p8)
      activesupport_csi (= 2.3.5.p8)
      rake (>= 0.8.3)
    rails_inheritable_attributes_manager (0.3.1)
    rake (0.8.7)
    rbx-require-relative (0.0.9)
    redis (2.2.2)
    redis-store (1.0.0.beta2)
      redis (>= 2.0.0)
    request-log-analyzer (1.12.2)
    rest-open-uri (1.0.0)
    rspec (1.3.0)
    rspec-rails (1.3.2)
      rack (>= 1.0.0)
      rspec (>= 1.3.0)
    ruby-debug (0.10.4)
      columnize (>= 0.1)
      ruby-debug-base (~> 0.10.4.0)
    ruby-debug-base (0.10.4)
      linecache (>= 0.3)
    ruby-debug-base (0.10.4-java)
    ruby-debug-ide (0.4.18)
      rake (>= 0.8.1)
    ruby-hl7 (1.0.3)
      rake (>= 0.8.7)
      rubyforge (>= 2.0.4)
    rubyforge (2.0.4)
      json_pure (>= 1.1.7)
    rubyzip (0.9.4)
    rvm-capistrano (1.2.7)
      capistrano (>= 2.0.0)
    selenium-webdriver (2.34.0)
      childprocess (>= 0.2.5)
      multi_json (~> 1.0)
      rubyzip
      websocket (~> 1.0.4)
    sparrowhawk (0.9.5)
      bundler (>= 1.0.6)
      jruby-jars
      jruby-rack
      rubyzip
    term-ansicolor (1.3.0)
      tins (~> 1.0)
    tins (1.3.0)
    treetop (1.5.3)
      polyglot (~> 0.3)
    unicorn (1.1.3)
      rack
    validates_timeliness (2.3.1)
    watchr (0.7)
    webrat (0.7.3)
      nokogiri (>= 1.2.0)
      rack (>= 1.0)
      rack-test (>= 0.5.3)
    websocket (1.0.7)

PLATFORMS
  java
  ruby

DEPENDENCIES
  activerecord-jdbc-adapter (= 1.0.1)
  activerecord-jdbcpostgresql-adapter (= 1.0.1)
  bouncy-castle-java (= 1.5.0147)
  capistrano!
  capistrano-ext (= 1.2.1)
  childprocess (= 0.3.9)
  ci_reporter (= 1.6.2)
  cucumber (= 0.6.3)
  cucumber-rails (= 0.3.0)
  custom_error_message (= 1.1.1)
  database_cleaner (= 0.5.2)
  exception_notification!
  factory_girl (= 1.3.2)
  faker (= 0.3.1)
  ffi (= 1.9.0)
  haml!
  hirb (= 0.3.4)
  jdbc-postgres (= 9.0.801)
  jruby-openssl (= 0.9.4)
  logging (= 1.8.1)
  mechanize (= 1.0.0)
  mislav-will_paginate (= 2.3.11)
  mocha (= 0.9.8)
  mongrel (= 1.1.5)
  multi_json (= 1.7.7)
  net-ldap (= 0.0.5)
  newrelic_rpm (= 3.6.6.147)
  nokogiri (= 1.5.5)
  parallel_tests (= 0.7.2)
  pdf-forms (= 0.5.5)
  rails_csi (= 2.3.5.p8)
  rails_inheritable_attributes_manager (= 0.3.1)
  rake (= 0.8.7)
  redis (= 2.2.2)
  redis-store (= 1.0.0.beta2)
  request-log-analyzer (= 1.12.2)
  rest-open-uri (= 1.0.0)
  rspec (= 1.3.0)
  rspec-rails (= 1.3.2)
  ruby-debug (= 0.10.4)
  ruby-debug-base (= 0.10.4)
  ruby-debug-ide (= 0.4.18)
  ruby-hl7 (= 1.0.3)
  rubyzip (= 0.9.4)
  rvm-capistrano (= 1.2.7)
  selenium-webdriver (= 2.34.0)
  sparrowhawk (= 0.9.5)
  unicorn (= 1.1.3)
  validates_timeliness (= 2.3.1)
  watchr (= 0.7)
  webrat (= 0.7.3)
  websocket (= 1.0.7)
